PATH
  remote: .
  specs:
    qbwc (0.0.2.005)
      rubyjedi-soap4r (>= 1.5.8.20100619003610)

GEM
  remote: http://rubygems.org/
  specs:
    httpclient (2.1.5.2)
    rubyjedi-soap4r (1.5.8.20100619003610)
      httpclient (~> 2.1.5.2)

PLATFORMS
  ruby

DEPENDENCIES
  qbwc!
